GIT
  remote: https://github.com/Xalgorithms/xa-ubl.git
  revision: 338b32884760fb891f74c6755697000f1cac9312
  specs:
    xa-ubl (0.0.6)
      nokogiri

GEM
  remote: https://rubygems.org/
  specs:
    mini_portile2 (2.3.0)
    nokogiri (1.8.1)
      mini_portile2 (~> 2.3.0)

PLATFORMS
  ruby

DEPENDENCIES
  xa-ubl!

RUBY VERSION
   ruby 2.4.2p198

BUNDLED WITH
   1.16.1
